GEM
  remote: https://rubygems.org/
  specs:
    addressable (2.4.0)
    builder (3.2.3)
    coderay (1.1.1)
    cucumber (1.3.20)
      builder (>= 2.1.2)
      diff-lcs (>= 1.1.3)
      gherkin (~> 2.12)
      multi_json (>= 1.7.5, < 2.0)
      multi_test (>= 0.1.2)
    cuke_mem (0.1.1)
      cucumber (~> 1.3)
    diff-lcs (1.3)
    faraday (0.8.11)
      multipart-post (~> 1.2.0)
    ffi (1.9.18-java)
    gherkin (2.12.2-java)
      multi_json (~> 1.3)
    git (1.3.0)
    github_api (0.10.1)
      addressable
      faraday (~> 0.8.1)
      hashie (>= 1.2)
      multi_json (~> 1.4)
      nokogiri (~> 1.5.2)
      oauth2
    hashie (3.5.5)
    highline (1.7.8)
    jeweler (1.8.8)
      builder
      bundler (~> 1.0)
      git (>= 1.2.5)
      github_api (= 0.10.1)
      highline (>= 1.6.15)
      nokogiri (= 1.5.10)
      rake
      rdoc
    json_spec (1.1.5)
      multi_json (~> 1.0)
      rspec (>= 2.0, < 4.0)
    jwt (1.5.6)
    method_source (0.8.2)
    multi_json (1.12.1)
    multi_test (0.1.2)
    multi_xml (0.6.0)
    multipart-post (1.2.0)
    nokogiri (1.5.10-java)
    oauth2 (1.4.0)
      faraday (>= 0.8, < 0.13)
      jwt (~> 1.0)
      multi_json (~> 1.3)
      multi_xml (~> 0.5)
      rack (>= 1.2, < 3)
    pry (0.10.4-java)
      coderay (~> 1.1.0)
      method_source (~> 0.8.1)
      slop (~> 3.4)
      spoon (~> 0.0)
    quickfix-jruby (1.6.0-java)
    rack (1.6.8)
    rake (10.5.0)
    rdoc (4.3.0)
    rspec (3.6.0)
      rspec-core (~> 3.6.0)
      rspec-expectations (~> 3.6.0)
      rspec-mocks (~> 3.6.0)
    rspec-core (3.6.0)
      rspec-support (~> 3.6.0)
    rspec-expectations (3.6.0)
      diff-lcs (>= 1.2.0, < 2.0)
      rspec-support (~> 3.6.0)
    rspec-mocks (3.6.0)
      diff-lcs (>= 1.2.0, < 2.0)
      rspec-support (~> 3.6.0)
    rspec-support (3.6.0)
    slop (3.6.0)
    spoon (0.0.6)
      ffi

PLATFORMS
  java

DEPENDENCIES
  cucumber (~> 1.3)
  cuke_mem (~> 0.1.1)
  jeweler (~> 1.8)
  json_spec (~> 1.1.1)
  pry
  quickfix-jruby (~> 1.6.0)
  rake (~> 10.1)
  rspec (~> 3.6.0)

BUNDLED WITH
   1.15.1
